GEM
  remote: https://rubygems.org/
  specs:
    awesome_print (1.9.2)
    dry-cli (0.7.0)
    google-protobuf (3.22.3)
    googleapis-common-protos-types (1.3.2)
      google-protobuf (~> 3.14)
    grpc (1.54.0)
      google-protobuf (~> 3.21)
      googleapis-common-protos-types (~> 1.0)

PLATFORMS
  x86_64-darwin-21

DEPENDENCIES
  awesome_print
  dry-cli
  grpc

BUNDLED WITH
   2.3.25
