GEM
  remote: https://rubygems.org/
  specs:
    concurrent-ruby (1.2.2)
    dry-core (1.0.0)
      concurrent-ruby (~> 1.0)
      zeitwerk (~> 2.6)
    dry-inflector (1.0.0)
    dry-logic (1.5.0)
      concurrent-ruby (~> 1.0)
      dry-core (~> 1.0, < 2)
      zeitwerk (~> 2.6)
    dry-struct (1.6.0)
      dry-core (~> 1.0, < 2)
      dry-types (>= 1.7, < 2)
      ice_nine (~> 0.11)
      zeitwerk (~> 2.6)
    dry-types (1.7.1)
      concurrent-ruby (~> 1.0)
      dry-core (~> 1.0)
      dry-inflector (~> 1.0)
      dry-logic (~> 1.4)
      zeitwerk (~> 2.6)
    google-protobuf (3.22.3-x86_64-darwin)
    googleapis-common-protos-types (1.6.0)
      google-protobuf (~> 3.14)
    grpc (1.54.0-x86_64-darwin)
      google-protobuf (~> 3.21)
      googleapis-common-protos-types (~> 1.0)
    grpc-tools (1.54.0)
    ice_nine (0.11.2)
    zeitwerk (2.6.7)

PLATFORMS
  x86_64-darwin-21

DEPENDENCIES
  dry-struct
  google-protobuf
  grpc
  grpc-tools

BUNDLED WITH
   2.4.12
